GEM
  specs:
    rake (10.1.0)

PLATFORMS
  ruby

DEPENDENCIES
  bundler
  rake
